GEM
<<<<<<< HEAD
  remote: http://rubygems.org/
  specs:
    coderay (1.1.0)
    haml (4.0.7)
      tilt
    method_source (0.8.2)
    pry (0.10.1)
      coderay (~> 1.1.0)
      method_source (~> 0.8.1)
      slop (~> 3.4)
    rack (1.6.4)
    rake (11.1.1)
    sass (3.4.21)
    slop (3.6.0)
    tilt (2.0.2)
=======
  specs:
    rack (1.6.4)
    rake (11.1.1)
>>>>>>> javi_attempting_cloud_animations

PLATFORMS
  ruby

DEPENDENCIES
<<<<<<< HEAD
  haml
  pry
  rack
  rake
  sass
=======
  rack
  rake
>>>>>>> javi_attempting_cloud_animations

BUNDLED WITH
   1.11.2
