GEM
  specs:
    rack (1.6.4)
    rake (11.1.1)

PLATFORMS
  ruby

DEPENDENCIES
  rack
  rake

BUNDLED WITH
   1.11.2
