GEM
  remote: http://rubygems.org/
  specs:
    coderay (1.1.0)
    method_source (0.8.2)
    pry (0.10.1)
      coderay (~> 1.1.0)
      method_source (~> 0.8.1)
      slop (~> 3.4)
    rack (1.6.4)
    rake (11.1.1)
    sass (3.4.21)
    slop (3.6.0)

PLATFORMS
  ruby

DEPENDENCIES
  pry
  rack
  rake
  sass

BUNDLED WITH
   1.11.2
